PATH
  remote: .
  specs:
    agcaldav (0.2.5.4)
      builder
      icalendar
      net-http-digest_auth
      uuid

GEM
  remote: https://rubygems.org/
  specs:
    builder (3.2.2)
    diff-lcs (1.2.5)
    fakeweb (1.3.0)
    icalendar (2.4.0)
    macaddr (1.7.1)
      systemu (~> 2.6.2)
    net-http-digest_auth (1.4)
    rspec (3.5.0)
      rspec-core (~> 3.5.0)
      rspec-expectations (~> 3.5.0)
      rspec-mocks (~> 3.5.0)
    rspec-core (3.5.2)
      rspec-support (~> 3.5.0)
    rspec-expectations (3.5.0)
      diff-lcs (>= 1.2.0, < 2.0)
      rspec-support (~> 3.5.0)
    rspec-mocks (3.5.0)
      diff-lcs (>= 1.2.0, < 2.0)
      rspec-support (~> 3.5.0)
    rspec-support (3.5.0)
    systemu (2.6.5)
    uuid (2.3.8)
      macaddr (~> 1.0)

PLATFORMS
  ruby

DEPENDENCIES
  agcaldav!
  fakeweb
  rspec

BUNDLED WITH
   1.11.2
